GIT
  remote: git://github.com/crepe/crepe.git
  revision: ce38920ef627d8e8bae5af175bf23e394bb847bb
  branch: master
  specs:
    crepe (0.0.1.pre)
      activesupport (>= 4.0.0)
      rack (~> 1.5.x)
      rack-mount (~> 0.8.x)

GIT
  remote: git://github.com/intridea/grape.git
  revision: 286b82a1d142c77d85d1a3ad0b74b85cc72dd82e
  branch: master
  specs:
    grape (0.7.0)
      activesupport
      builder
      hashie (>= 1.2.0)
      multi_json (>= 1.3.2)
      multi_xml (>= 0.5.2)
      rack (>= 1.3.0)
      rack-accept
      rack-mount
      virtus (>= 1.0.0)

GIT
  remote: git://github.com/rkh/mustermann.git
  revision: b184b1f86a0085b0ef106a03aa852e91c47c5a5e
  branch: master
  specs:
    mustermann (0.2.0)
      tool (~> 0.2)

GIT
  remote: https://github.com/Wardrop/Scorched
  revision: 63ecd6e9740b51619f948ae565243c3bbd12b0f6
  branch: master
  specs:
    scorched (0.22)
      rack (~> 1.4)
      rack-accept (~> 0.4)
      tilt (~> 1.4)

GIT
  remote: https://github.com/alisnic/nyny
  revision: c8ed38da6ed9a63795d4ec2c80636f109310be22
  ref: release-3.2.1
  specs:
    nyny (3.2.1)
      better_errors (~> 1.1.0)
      journey (~> 1.0.4)
      rack (~> 1.5.2)
      rack-contrib (~> 1.1.0)
      tilt (~> 1.4.1)

GIT
  remote: https://github.com/lotus/router.git
  revision: 6edfdde48186b07e4de04a69f8e5292a0ea8ed89
  branch: master
  specs:
    lotus-router (0.1.0)
      http_router (~> 0)
      lotus-utils (~> 0)

GIT
  remote: https://github.com/luislavena/brooklyn
  revision: 691c71e3058aaa336e21f84cfcaf581b95375b17
  branch: master
  specs:
    brooklyn (0.0.1)
      rack (~> 1.5.2)

GIT
  remote: https://github.com/patriciomacadden/hobbit
  revision: 3b8c12fea05c78ec24d340a6b1f396776fb415e0
  branch: master
  specs:
    hobbit (0.5.0)
      rack

GEM
  remote: https://rubygems.org/
  specs:
    actionpack (4.0.1)
      activesupport (= 4.0.1)
      builder (~> 3.1.0)
      erubis (~> 2.7.0)
      rack (~> 1.5.2)
      rack-test (~> 0.6.2)
    activesupport (4.0.1)
      i18n (~> 0.6, >= 0.6.4)
      minitest (~> 4.2)
      multi_json (~> 1.3)
      thread_safe (~> 0.1)
      tzinfo (~> 0.3.37)
    allocation_stats (0.1.4)
    atomic (1.1.16)
    axiom-types (0.1.1)
      descendants_tracker (~> 0.0.4)
      ice_nine (~> 0.11.0)
      thread_safe (~> 0.3, >= 0.3.1)
    better_errors (1.1.0)
      coderay (>= 1.0.0)
      erubis (>= 2.6.6)
    builder (3.1.4)
    coderay (1.1.0)
    coercible (1.0.0)
      descendants_tracker (~> 0.0.1)
    columnize (0.3.6)
    cuba (3.1.1)
      rack
    debugger (1.6.6)
      columnize (>= 0.3.1)
      debugger-linecache (~> 1.2.0)
      debugger-ruby_core_source (~> 1.3.2)
    debugger-linecache (1.2.0)
    debugger-ruby_core_source (1.3.2)
    descendants_tracker (0.0.4)
      thread_safe (~> 0.3, >= 0.3.1)
    equalizer (0.0.9)
    erubis (2.7.0)
    hashie (2.0.5)
    http_router (0.11.1)
      rack (>= 1.0.0)
      url_mount (~> 0.2.1)
    i18n (0.6.9)
    ice_nine (0.11.0)
    innate (2013.02.21)
      rack (~> 1.5.2)
    journey (1.0.4)
    lotus-utils (0.1.0)
    minitest (4.7.5)
    multi_json (1.9.2)
    multi_xml (0.5.5)
    nancy (0.3.0)
      rack
      tilt
    puma (2.7.1)
      rack (>= 1.1, < 2.0)
    rack (1.5.2)
    rack-accept (0.4.5)
      rack (>= 0.4)
    rack-contrib (1.1.0)
      rack (>= 0.9.1)
    rack-mount (0.8.3)
      rack (>= 1.0.0)
    rack-protection (1.5.2)
      rack
    rack-test (0.6.2)
      rack (>= 1.0)
    railties (4.0.1)
      actionpack (= 4.0.1)
      activesupport (= 4.0.1)
      rake (>= 0.8.7)
      thor (>= 0.18.1, < 2.0)
    rake (10.2.2)
    ramaze (2012.12.08)
      innate (>= 2012.12)
      rake
    rambutan (0.0.1)
      http_router
    sinatra (1.4.4)
      rack (~> 1.4)
      rack-protection (~> 1.4)
      tilt (~> 1.3, >= 1.3.4)
    thor (0.19.1)
    thread_safe (0.3.1)
      atomic (>= 1.1.7, < 2)
    tilt (1.4.1)
    tool (0.2.2)
    tzinfo (0.3.39)
    url_mount (0.2.1)
      rack
    virtus (1.0.2)
      axiom-types (~> 0.1)
      coercible (~> 1.0)
      descendants_tracker (~> 0.0.3)
      equalizer (~> 0.0.9)

PLATFORMS
  ruby

DEPENDENCIES
  actionpack (= 4.0.1)
  allocation_stats
  brooklyn!
  crepe!
  cuba
  debugger
  grape!
  hobbit!
  lotus-router!
  mustermann!
  nancy
  nyny!
  puma (~> 2.7.1)
  railties (= 4.0.1)
  ramaze
  rambutan
  scorched!
  sinatra
  tzinfo
